PATH
  remote: .
  specs:
    maxirmx_test_gem (0.1.0)
      rice (~> 4.0.4)

GEM
  remote: https://rubygems.org/
  specs:
    diff-lcs (1.5.0)
    rake (13.0.6)
    rake-compiler (1.2.0)
      rake
    rice (4.0.4)
    rspec (3.11.0)
      rspec-core (~> 3.11.0)
      rspec-expectations (~> 3.11.0)
      rspec-mocks (~> 3.11.0)
    rspec-core (3.11.0)
      rspec-support (~> 3.11.0)
    rspec-expectations (3.11.0)
      diff-lcs (>= 1.2.0, < 2.0)
      rspec-support (~> 3.11.0)
    rspec-mocks (3.11.1)
      diff-lcs (>= 1.2.0, < 2.0)
      rspec-support (~> 3.11.0)
    rspec-support (3.11.0)

PLATFORMS
  ruby

DEPENDENCIES
  maxirmx_test_gem!
  rake (~> 13.0)
  rake-compiler
  rspec (~> 3.11)

BUNDLED WITH
   2.2.3
